GEM
  remote: https://rubygems.org/
  specs:

PLATFORMS
  x64-unknown
  x86-mingw32

DEPENDENCIES

BUNDLED WITH
   2.4.7
